GEM
  remote: https://rubygems.org/
  specs:
    Ascii85 (2.0.1)
    actioncable (8.0.0)
      actionpack (= 8.0.0)
      activesupport (= 8.0.0)
      nio4r (~> 2.0)
      websocket-driver (>= 0.6.1)
      zeitwerk (~> 2.6)
    actionmailbox (8.0.0)
      actionpack (= 8.0.0)
      activejob (= 8.0.0)
      activerecord (= 8.0.0)
      activestorage (= 8.0.0)
      activesupport (= 8.0.0)
      mail (>= 2.8.0)
    actionmailer (8.0.0)
      actionpack (= 8.0.0)
      actionview (= 8.0.0)
      activejob (= 8.0.0)
      activesupport (= 8.0.0)
      mail (>= 2.8.0)
      rails-dom-testing (~> 2.2)
    actionpack (8.0.0)
      actionview (= 8.0.0)
      activesupport (= 8.0.0)
      nokogiri (>= 1.8.5)
      rack (>= 2.2.4)
      rack-session (>= 1.0.1)
      rack-test (>= 0.6.3)
      rails-dom-testing (~> 2.2)
      rails-html-sanitizer (~> 1.6)
      useragent (~> 0.16)
    actiontext (8.0.0)
      actionpack (= 8.0.0)
      activerecord (= 8.0.0)
      activestorage (= 8.0.0)
      activesupport (= 8.0.0)
      globalid (>= 0.6.0)
      nokogiri (>= 1.8.5)
    actionview (8.0.0)
      activesupport (= 8.0.0)
      builder (~> 3.1)
      erubi (~> 1.11)
      rails-dom-testing (~> 2.2)
      rails-html-sanitizer (~> 1.6)
    activejob (8.0.0)
      activesupport (= 8.0.0)
      globalid (>= 0.3.6)
    activemodel (8.0.0)
      activesupport (= 8.0.0)
    activemodel-serializers-xml (1.0.3)
      activemodel (>= 5.0.0.a)
      activesupport (>= 5.0.0.a)
      builder (~> 3.1)
    activerecord (8.0.0)
      activemodel (= 8.0.0)
      activesupport (= 8.0.0)
      timeout (>= 0.4.0)
    activerecord-session_store (2.1.0)
      actionpack (>= 6.1)
      activerecord (>= 6.1)
      cgi (>= 0.3.6)
      multi_json (~> 1.11, >= 1.11.2)
      rack (>= 2.0.8, < 4)
      railties (>= 6.1)
    activestorage (8.0.0)
      actionpack (= 8.0.0)
      activejob (= 8.0.0)
      activerecord (= 8.0.0)
      activesupport (= 8.0.0)
      marcel (~> 1.0)
    activesupport (8.0.0)
      base64
      benchmark (>= 0.3)
      bigdecimal
      concurrent-ruby (~> 1.0, >= 1.3.1)
      connection_pool (>= 2.2.5)
      drb
      i18n (>= 1.6, < 2)
      logger (>= 1.4.2)
      minitest (>= 5.1)
      securerandom (>= 0.3)
      tzinfo (~> 2.0, >= 2.0.5)
      uri (>= 0.13.1)
    addressable (2.8.7)
      public_suffix (>= 2.0.2, < 7.0)
    afm (0.2.2)
    archive-zip (0.12.0)
      io-like (~> 0.3.0)
    aws-eventstream (1.3.0)
    aws-partitions (1.1012.0)
    aws-sdk-core (3.213.0)
      aws-eventstream (~> 1, >= 1.3.0)
      aws-partitions (~> 1, >= 1.992.0)
      aws-sigv4 (~> 1.9)
      jmespath (~> 1, >= 1.6.1)
    aws-sdk-kms (1.96.0)
      aws-sdk-core (~> 3, >= 3.210.0)
      aws-sigv4 (~> 1.5)
    aws-sdk-s3 (1.173.0)
      aws-sdk-core (~> 3, >= 3.210.0)
      aws-sdk-kms (~> 1)
      aws-sigv4 (~> 1.5)
    aws-sigv4 (1.10.1)
      aws-eventstream (~> 1, >= 1.0.2)
    axiom-types (0.1.1)
      descendants_tracker (~> 0.0.4)
      ice_nine (~> 0.11.0)
      thread_safe (~> 0.3, >= 0.3.1)
    base64 (0.2.0)
    bcrypt (3.1.20)
    benchmark (0.4.0)
    bigdecimal (3.1.8)
    bindex (0.8.1)
    bootsnap (1.18.4)
      msgpack (~> 1.2)
    builder (3.3.0)
    byebug (11.1.3)
    cancancan (3.6.1)
    capybara (3.40.0)
      addressable
      matrix
      mini_mime (>= 0.1.3)
      nokogiri (~> 1.11)
      rack (>= 1.6.0)
      rack-test (>= 0.6.3)
      regexp_parser (>= 1.5, < 3.0)
      xpath (~> 3.2)
    capybara-lockstep (2.2.2)
      activesupport (>= 4.2)
      capybara (>= 3.0)
      ruby2_keywords
      selenium-webdriver (>= 4.0)
    capybara-select-2 (0.5.1)
    cgi (0.4.1)
    coercible (1.0.0)
      descendants_tracker (~> 0.0.1)
    concurrent-ruby (1.3.4)
    connection_pool (2.4.1)
    content_disposition (1.0.0)
    crass (1.0.6)
    cssbundling-rails (1.4.1)
      railties (>= 6.0.0)
    csv (3.3.0)
    date (3.4.0)
    declarative (0.0.20)
    declarative-option (0.1.0)
    descendants_tracker (0.0.4)
      thread_safe (~> 0.3, >= 0.3.1)
    devise (4.9.4)
      bcrypt (~> 3.0)
      orm_adapter (~> 0.1)
      railties (>= 4.1.0)
      responders
      warden (~> 1.2.3)
    docile (1.4.1)
    down (5.4.2)
      addressable (~> 2.8)
    draper (4.0.2)
      actionpack (>= 5.0)
      activemodel (>= 5.0)
      activemodel-serializers-xml (>= 1.0)
      activesupport (>= 5.0)
      request_store (>= 1.0)
      ruby2_keywords
    drb (2.2.1)
    equalizer (0.0.11)
    erubi (1.13.0)
    et-orbi (1.2.11)
      tzinfo
    faraday (2.12.1)
      faraday-net_http (>= 2.0, < 3.5)
      json
      logger
    faraday-net_http (3.4.0)
      net-http (>= 0.5.0)
    faraday-retry (2.2.1)
      faraday (~> 2.0)
    ffi (1.17.0-x86_64-linux-gnu)
    foreman (0.88.1)
    fugit (1.11.1)
      et-orbi (~> 1, >= 1.2.11)
      raabro (~> 1.4)
    globalid (1.2.1)
      activesupport (>= 6.1)
    good_job (4.5.0)
      activejob (>= 6.1.0)
      activerecord (>= 6.1.0)
      concurrent-ruby (>= 1.3.1)
      fugit (>= 1.11.0)
      railties (>= 6.1.0)
      thor (>= 1.0.0)
    hashery (2.1.2)
    hashie (5.0.0)
    i18n (1.14.6)
      concurrent-ruby (~> 1.0)
    ice_nine (0.11.2)
    io-console (0.7.2)
    io-like (0.3.1)
    irb (1.14.1)
      rdoc (>= 4.0.0)
      reline (>= 0.4.2)
    iso-639 (0.3.8)
      csv
    jbuilder (2.13.0)
      actionview (>= 5.0.0)
      activesupport (>= 5.0.0)
    jmespath (1.6.2)
    jsbundling-rails (1.3.1)
      railties (>= 6.0.0)
    json (2.8.2)
    listen (3.9.0)
      rb-fsevent (~> 0.10, >= 0.10.3)
      rb-inotify (~> 0.9, >= 0.9.10)
    logger (1.6.1)
    loofah (2.23.1)
      crass (~> 1.0.2)
      nokogiri (>= 1.12.0)
    mail (2.8.1)
      mini_mime (>= 0.1.1)
      net-imap
      net-pop
      net-smtp
    marcel (1.0.4)
    matrix (0.4.2)
    mini_mime (1.1.5)
    minitest (5.25.2)
    msgpack (1.7.5)
    multi_json (1.15.0)
    net-http (0.5.0)
      uri
    net-imap (0.5.1)
      date
      net-protocol
    net-pop (0.1.2)
      net-protocol
    net-protocol (0.2.2)
      timeout
    net-smtp (0.5.0)
      net-protocol
    nio4r (2.7.4)
    nokogiri (1.16.7-x86_64-linux)
      racc (~> 1.4)
    oj (3.16.7)
      bigdecimal (>= 3.0)
      ostruct (>= 0.2)
    omniauth (2.1.2)
      hashie (>= 3.4.6)
      rack (>= 2.2.3)
      rack-protection
    omniauth-rails_csrf_protection (1.0.2)
      actionpack (>= 4.2)
      omniauth (~> 2.0)
    orm_adapter (0.5.0)
    ostruct (0.6.1)
    pdf-reader (2.13.0)
      Ascii85 (>= 1.0, < 3.0, != 2.0.0)
      afm (~> 0.2.1)
      hashery (~> 2.0)
      ruby-rc4
      ttfunk
    pg (1.5.9)
    prometheus-client (4.2.3)
      base64
    psych (5.2.0)
      stringio
    public_suffix (6.0.1)
    puma (6.4.3)
      nio4r (~> 2.0)
    raabro (1.4.0)
    racc (1.8.1)
    rack (3.1.8)
    rack-cors (2.0.2)
      rack (>= 2.0.0)
    rack-protection (4.1.1)
      base64 (>= 0.1.0)
      logger (>= 1.6.0)
      rack (>= 3.0.0, < 4)
    rack-session (2.0.0)
      rack (>= 3.0.0)
    rack-test (2.1.0)
      rack (>= 1.3)
    rackup (2.2.1)
      rack (>= 3)
    rails (8.0.0)
      actioncable (= 8.0.0)
      actionmailbox (= 8.0.0)
      actionmailer (= 8.0.0)
      actionpack (= 8.0.0)
      actiontext (= 8.0.0)
      actionview (= 8.0.0)
      activejob (= 8.0.0)
      activemodel (= 8.0.0)
      activerecord (= 8.0.0)
      activestorage (= 8.0.0)
      activesupport (= 8.0.0)
      bundler (>= 1.15.0)
      railties (= 8.0.0)
    rails-dom-testing (2.2.0)
      activesupport (>= 5.0.0)
      minitest
      nokogiri (>= 1.6)
    rails-html-sanitizer (1.6.0)
      loofah (~> 2.21)
      nokogiri (~> 1.14)
    railties (8.0.0)
      actionpack (= 8.0.0)
      activesupport (= 8.0.0)
      irb (~> 1.13)
      rackup (>= 1.0.0)
      rake (>= 12.2)
      thor (~> 1.0, >= 1.2.2)
      zeitwerk (~> 2.6)
    rake (13.2.1)
    rb-fsevent (0.11.2)
    rb-inotify (0.11.1)
      ffi (~> 1.0)
    rbs (3.6.1)
      logger
    rdoc (6.8.1)
      psych (>= 4.0.0)
    recaptcha (5.17.0)
    regexp_parser (2.9.2)
    reline (0.5.11)
      io-console (~> 0.5)
    representable (3.0.4)
      declarative (< 0.1.0)
      declarative-option (< 0.2.0)
      uber (< 0.2.0)
    request_store (1.7.0)
      rack (>= 1.4)
    responders (3.1.1)
      actionpack (>= 5.2)
      railties (>= 5.2)
    rexml (3.3.9)
    ruby-rc4 (0.1.5)
    ruby2_keywords (0.0.5)
    rubyzip (2.3.2)
    sanitize (6.1.3)
      crass (~> 1.0.2)
      nokogiri (>= 1.12.0)
    securerandom (0.3.2)
    selenium-webdriver (4.26.0)
      base64 (~> 0.2)
      logger (~> 1.4)
      rexml (~> 3.2, >= 3.2.5)
      rubyzip (>= 1.2.2, < 3.0)
      websocket (~> 1.0)
    shrine (3.6.0)
      content_disposition (~> 1.0)
      down (~> 5.1)
    silencer (2.0.0)
    simplecov (0.22.0)
      docile (~> 1.1)
      simplecov-html (~> 0.11)
      simplecov_json_formatter (~> 0.1)
    simplecov-html (0.13.1)
    simplecov_json_formatter (0.1.4)
    sprockets (4.2.1)
      concurrent-ruby (~> 1.0)
      rack (>= 2.2.4, < 4)
    sprockets-rails (3.5.2)
      actionpack (>= 6.1)
      activesupport (>= 6.1)
      sprockets (>= 3.0.0)
    stringio (3.1.2)
    thor (1.3.2)
    thread_safe (0.3.6)
    timeout (0.4.2)
    ttfunk (1.8.0)
      bigdecimal (~> 3.1)
    turbolinks (5.2.1)
      turbolinks-source (~> 5.2)
    turbolinks-source (5.2.0)
    tzinfo (2.0.6)
      concurrent-ruby (~> 1.0)
    uber (0.1.0)
    uri (1.0.2)
    useragent (0.16.10)
    virtus (1.0.5)
      axiom-types (~> 0.1)
      coercible (~> 1.0)
      descendants_tracker (~> 0.0, >= 0.0.3)
      equalizer (~> 0.0, >= 0.0.9)
    warden (1.2.9)
      rack (>= 2.0.9)
    web-console (4.2.1)
      actionview (>= 6.0.0)
      activemodel (>= 6.0.0)
      bindex (>= 0.4.0)
      railties (>= 6.0.0)
    websocket (1.2.11)
    websocket-driver (0.7.6)
      websocket-extensions (>= 0.1.0)
    websocket-extensions (0.1.5)
    workflow (2.0.2)
    xpath (3.2.0)
      nokogiri (~> 1.8)
    zeitwerk (2.7.1)

PLATFORMS
  x86_64-linux

DEPENDENCIES
  activerecord-session_store
  archive-zip
  aws-sdk-s3
  bootsnap
  byebug
  cancancan
  capybara
  capybara-lockstep
  capybara-select-2
  cssbundling-rails
  csv
  declarative-option (~> 0.1.0)
  devise
  draper
  faraday
  faraday-retry
  foreman
  good_job
  iso-639
  jbuilder
  jsbundling-rails
  listen
  multi_json
  nokogiri
  oj
  omniauth (~> 2.1)
  omniauth-rails_csrf_protection
  pdf-reader
  pg
  prometheus-client
  puma
  rack-cors
  rails (~> 8)
  rbs
  recaptcha
  representable (~> 3.0, < 3.1)
  request_store
  sanitize
  selenium-webdriver
  shrine (~> 3.0)
  silencer
  simplecov
  sprockets-rails
  turbolinks (~> 5)
  tzinfo-data
  virtus (~> 1.0)
  web-console
  workflow (< 3.0)

RUBY VERSION
   ruby 3.3.0p0

BUNDLED WITH
   2.5.3
